RESTRICTION: == net46
NUGET
  remote: https://www.nuget.org/api/v2
    FSharp.Core (4.2.1) - redirects: force
    FsPickler (3.3)
    Google.Protobuf (3.3)
    Newtonsoft.Json (10.0.3)
    System.ValueTuple (4.3.1)
    Thrift (0.9.1.3)
GITHUB
  remote: prolucid/protoshell
    src/main/proto/multilang.proto (c9dcb9e48ad4b7917b68a953901ab0e2ea92da5c)
  remote: et1975/storm
    storm-core/src/storm.thrift (f0de99597e5256428016a3a18982ec8e146427bb)
GROUP Build
RESTRICTION: == net46
NUGET
  remote: https://www.nuget.org/api/v2
    FAKE (4.62.5)
    FSharp.Compiler.Service (2.0.0.6)
    FSharp.Formatting (2.14.4)
      FSharp.Compiler.Service (2.0.0.6)
      FSharpVSPowerTools.Core (>= 2.3 < 2.4)
    FSharpLint (0.2.8)
    FSharpVSPowerTools.Core (2.3)
      FSharp.Compiler.Service (>= 2.0.0.3)
    Google.Protobuf (3.3)
    Google.Protobuf.Tools (3.3)
    NUnit.Runners (2.6.4)
    Octokit (0.24)
    SourceLink.Fake (1.1)
GITHUB
  remote: fsharp/FAKE
    modules/Octokit/Octokit.fsx (9b496581e49c116cff9911570df871eb0258ac83)
      Octokit (>= 0.20)
GROUP Run

HTTP
  remote: https://github.com
    protoshell-1.1.0-SNAPSHOT-jar-with-dependencies.jar (/Prolucid/protoshell/releases/download/v1.1.0/protoshell-1.1.0-SNAPSHOT-jar-with-dependencies.jar)
GROUP Tests
RESTRICTION: == net46
NUGET
  remote: https://www.nuget.org/api/v2
    NUnit (2.6.4)
    Unquote (3.2)
