NUGET
  remote: https://nuget.org/api/v2
  specs:
    FAKE (4.7.2)
    FSharp.Compiler.Service (1.4.0.6)
    FSharp.Formatting (2.12.0)
      FSharp.Compiler.Service (1.4.0.6)
      FSharpVSPowerTools.Core (2.1.0)
    FSharpLint (0.2.7)
    FSharpVSPowerTools.Core (2.1.0)
      FSharp.Compiler.Service (>= 1.4.0.6)
    FsUnit (1.3.0.1)
      NUnit (>= 2.6.3)
    Microsoft.Bcl (1.1.10)
      Microsoft.Bcl.Build (>= 1.0.14)
    Microsoft.Bcl.Build (1.0.21) - import_targets: false
    Microsoft.Net.Http (2.2.29)
      Microsoft.Bcl (>= 1.1.10)
      Microsoft.Bcl.Build (>= 1.0.14)
    NUnit (2.6.4)
    NUnit.Runners (2.6.4)
    Octokit (0.14.0)
      Microsoft.Net.Http
    protobuf-net (2.0.0.668)
    protogen-net (0.0.1)
    SourceLink.Fake (1.0.0)
    Thrift (0.9.1.3)
GITHUB
  remote: fsharp/FAKE
  specs:
    modules/Octokit/Octokit.fsx (9e7e08aefa306360b3194a6c6961dea7b790b9b2)
      Octokit
  remote: et1975/protoshell
  specs:
    src/main/java/com/github/jsgilmore/protoshell/messages.proto (83de5217db78504812edd042ac48280cb10449fb)
  remote: apache/storm
  specs:
    storm-core/src/storm.thrift (cc276087bb542b92c849f099b5b636e3afddd915)
