NUGET
  remote: https://www.nuget.org/api/v2
  specs:
    Newtonsoft.Json (8.0.2)
    protobuf-net (2.0.0.668)
    protogen-net (0.0.1)
    Thrift (0.9.1.3)
GITHUB
  remote: et1975/protoshell
  specs:
    src/main/java/com/github/jsgilmore/protoshell/messages.proto (83de5217db78504812edd042ac48280cb10449fb)
  remote: apache/storm
  specs:
    storm-core/src/storm.thrift (dd00bc0a2a5d105cabc71b8eeaa132f93746de2a)
GROUP Build
NUGET
  remote: https://www.nuget.org/api/v2
  specs:
    FAKE (4.20.0)
    FSharp.Compiler.Service (2.0.0.6)
    FSharp.Formatting (2.14.0)
      FSharp.Compiler.Service (>= 2.0.0.3 < 2.1.0)
      FSharpVSPowerTools.Core (>= 2.3.0 < 2.4.0)
    FSharpLint (0.2.8)
    FSharpVSPowerTools.Core (2.3.0)
      FSharp.Compiler.Service (>= 2.0.0.3)
    Microsoft.Bcl (1.1.10)
      Microsoft.Bcl.Build (>= 1.0.14)
    Microsoft.Bcl.Build (1.0.21) - import_targets: false
    Microsoft.Net.Http (2.2.29)
      Microsoft.Bcl (>= 1.1.10)
      Microsoft.Bcl.Build (>= 1.0.14)
    NUnit.Runners (2.6.4)
    Octokit (0.18.0)
      Microsoft.Net.Http
    SourceLink.Fake (1.1.0)
GITHUB
  remote: fsharp/FAKE
  specs:
    modules/Octokit/Octokit.fsx (e71048b08b7aefebb3adeaa4518915510d55785c)
      Octokit
GROUP Tests
NUGET
  remote: https://www.nuget.org/api/v2
  specs:
    NUnit (2.6.4)
    Thrift (0.9.1.3)
    Unquote (3.1.1)
